PATH
  remote: .
  specs:
    multi_gem_repo (0.1)
      bundler (>= 1.3.0)

GEM
  remote: https://rubygems.org/
  specs:

PLATFORMS
  x86_64-darwin-18

DEPENDENCIES
  multi_gem_repo!

BUNDLED WITH
   2.2.15
